GEM
  remote: https://rubygems.org/
  specs:
    concurrent-ruby (1.1.6)

PLATFORMS
  ruby

DEPENDENCIES
  concurrent-ruby

RUBY VERSION
   ruby 2.6.5p114

BUNDLED WITH
   1.17.2
